PATH
  remote: .
  specs:
    guard-jruby-rspec (0.1.6)
      guard (>= 1.1)
      guard-rspec (>= 2.5.3)

GEM
  remote: http://rubygems.org/
  specs:
    coderay (1.0.9)
    diff-lcs (1.2.3)
    ffi (1.7.0-java)
    formatador (0.2.4)
    guard (1.7.0)
      formatador (>= 0.2.4)
      listen (>= 0.6.0)
      lumberjack (>= 1.0.2)
      pry (>= 0.9.10)
      thor (>= 0.14.6)
    guard-rspec (2.5.3)
      guard (>= 1.1)
      rspec (~> 2.11)
    listen (0.7.3)
    lumberjack (1.0.3)
    method_source (0.8.1)
    pry (0.9.12-java)
      coderay (~> 1.0.5)
      method_source (~> 0.8)
      slop (~> 3.4)
      spoon (~> 0.0)
    rspec (2.13.0)
      rspec-core (~> 2.13.0)
      rspec-expectations (~> 2.13.0)
      rspec-mocks (~> 2.13.0)
    rspec-core (2.13.1)
    rspec-expectations (2.13.0)
      diff-lcs (>= 1.1.3, < 2.0)
    rspec-mocks (2.13.1)
    slop (3.4.4)
    spoon (0.0.3)
      ffi
    thor (0.18.1)

PLATFORMS
  java

DEPENDENCIES
  guard-jruby-rspec!
  rspec (~> 2.11)
